PATH
  remote: .
  specs:
    socket.io-client-simple (1.1.0)
      event_emitter
      httparty
      json
      websocket-client-simple (>= 0.0.9)

GEM
  remote: https://rubygems.org/
  specs:
    event_emitter (0.2.5)
    httparty (0.13.1)
      json (~> 1.8)
      multi_xml (>= 0.5.2)
    json (1.8.1)
    minitest (5.4.2)
    multi_xml (0.5.5)
    rake (10.3.2)
    websocket (1.2.1)
    websocket-client-simple (0.2.1)
      event_emitter
      websocket

PLATFORMS
  ruby

DEPENDENCIES
  bundler (~> 1.3)
  minitest
  rake
  socket.io-client-simple!
